PATH
  remote: .
  specs:
    github-backup (0.10.0)
      octokit (~> 3.7)

GEM
  remote: http://rubygems.org/
  specs:
    addressable (2.3.6)
    faraday (0.9.0)
      multipart-post (>= 1.2, < 3)
    minitest (5.5.0)
    minitest-stub-const (0.2)
    multipart-post (2.0.0)
    octokit (3.7.0)
      sawyer (~> 0.6.0, >= 0.5.3)
    rake (10.4.2)
    sawyer (0.6.0)
      addressable (~> 2.3.5)
      faraday (~> 0.8, < 0.10)

PLATFORMS
  ruby

DEPENDENCIES
  github-backup!
  minitest (~> 5.5.0)
  minitest-stub-const (~> 0.2)
  rake
