PATH
  remote: .
  specs:
    github-backup (0.11.0)
      octokit (~> 3.7)

GEM
  remote: http://rubygems.org/
  specs:
    addressable (2.3.8)
    fakefs (0.6.7)
    faraday (0.9.2)
      multipart-post (>= 1.2, < 3)
    minitest (5.5.1)
    multipart-post (2.0.0)
    octokit (3.8.0)
      sawyer (~> 0.6.0, >= 0.5.3)
    rake (13.0.1)
    sawyer (0.6.0)
      addressable (~> 2.3.5)
      faraday (~> 0.8, < 0.10)

PLATFORMS
  ruby

DEPENDENCIES
  fakefs (~> 0.6.7)
  github-backup!
  minitest (~> 5.5.0)
  rake

BUNDLED WITH
   1.16.2
